NUGET
  remote: https://nuget.org/api/v2
  specs:
    Fantomas (2.0.2)
      FSharp.Compiler.Service (>= 1.4.0.6)
    FSharp.Compiler.Service (2.0.0-beta)
